GIT
  remote: https://github.com/DatabaseCleaner/database_cleaner.git
  revision: f30d5be108aa5edadfc16c480be3ed23cfbe0e05
  specs:
    database_cleaner (1.6.0)

GIT
  remote: https://github.com/rspec/rspec-rails.git
  revision: f53ee46d34adb3dc5c6a589baa0de8152d9ecf80
  branch: rails-5.1-compat
  specs:
    rspec-rails (3.6.0.beta2)
      actionpack (>= 3.0)
      activesupport (>= 3.0)
      railties (>= 3.0)
      rspec-core (= 3.6.0.beta2)
      rspec-expectations (= 3.6.0.beta2)
      rspec-mocks (= 3.6.0.beta2)
      rspec-support (= 3.6.0.beta2)

GIT
  remote: https://github.com/rubysherpas/paranoia.git
  revision: 9e43d569abf077aa95ac11f3151fbdde7dd219b5
  branch: core
  specs:
    paranoia (2.2.1)
      activerecord (>= 4.0, < 5.1)

GEM
  remote: https://rubygems.org/
  remote: https://rails-assets.org/
  specs:
    actioncable (5.1.0.rc1)
      actionpack (= 5.1.0.rc1)
      nio4r (~> 2.0)
      websocket-driver (~> 0.6.1)
    actionmailer (5.1.0.rc1)
      actionpack (= 5.1.0.rc1)
      actionview (= 5.1.0.rc1)
      activejob (= 5.1.0.rc1)
      mail (~> 2.5, >= 2.5.4)
      rails-dom-testing (~> 2.0)
    actionpack (5.1.0.rc1)
      actionview (= 5.1.0.rc1)
      activesupport (= 5.1.0.rc1)
      rack (~> 2.0)
      rack-test (~> 0.6.3)
      rails-dom-testing (~> 2.0)
      rails-html-sanitizer (~> 1.0, >= 1.0.2)
    actionview (5.1.0.rc1)
      activesupport (= 5.1.0.rc1)
      builder (~> 3.1)
      erubi (~> 1.4)
      rails-dom-testing (~> 2.0)
      rails-html-sanitizer (~> 1.0, >= 1.0.3)
    active_model_serializers (0.9.5)
      activemodel (>= 3.2)
    activejob (5.1.0.rc1)
      activesupport (= 5.1.0.rc1)
      globalid (>= 0.3.6)
    activemodel (5.1.0.rc1)
      activesupport (= 5.1.0.rc1)
    activerecord (5.1.0.rc1)
      activemodel (= 5.1.0.rc1)
      activesupport (= 5.1.0.rc1)
      arel (~> 8.0)
    activesupport (5.1.0.rc1)
      concurrent-ruby (~> 1.0, >= 1.0.2)
      i18n (~> 0.7)
      minitest (~> 5.1)
      tzinfo (~> 1.1)
    addressable (2.5.1)
      public_suffix (~> 2.0, >= 2.0.2)
    administrate (0.3.0)
      autoprefixer-rails (~> 6.0)
      bourbon (~> 4.2)
      datetime_picker_rails (~> 0.0.7)
      jquery-rails (~> 4.0)
      kaminari (~> 0.16)
      momentjs-rails (~> 2.8)
      neat (~> 1.1)
      normalize-rails (~> 3.0)
      rails (>= 4.2, < 5.1)
      sass-rails (~> 5.0)
      selectize-rails (~> 0.6)
    analytics-ruby (2.0.6)
    arel (8.0.0)
    attr_extras (4.4.0)
    autoprefixer-rails (6.5.4)
      execjs
    babel-source (5.8.35)
    babel-transpiler (0.7.0)
      babel-source (>= 4.0, < 6)
      execjs (~> 2.0)
    bourbon (4.2.7)
      sass (~> 3.4)
      thor (~> 0.19)
    builder (3.2.3)
    bundler-audit (0.4.0)
      bundler (~> 1.2)
      thor (~> 0.18)
    byebug (3.2.0)
      columnize (~> 0.8)
      debugger-linecache (~> 1.2)
    capybara (2.7.1)
      addressable
      mime-types (>= 1.16)
      nokogiri (>= 1.3.3)
      rack (>= 1.0.0)
      rack-test (>= 0.5.4)
      xpath (~> 2.0)
    capybara-webkit (1.11.1)
      capybara (>= 2.3.0, < 2.8.0)
      json
    coffee-rails (4.2.1)
      coffee-script (>= 2.2.0)
      railties (>= 4.0.0, < 5.2.x)
    coffee-script (2.4.1)
      coffee-script-source
      execjs
    coffee-script-source (1.12.2)
    columnize (0.8.9)
    concurrent-ruby (1.0.5)
    connection_pool (2.2.0)
    crack (0.4.3)
      safe_yaml (~> 1.0.0)
    datetime_picker_rails (0.0.7)
      momentjs-rails (>= 2.8.1)
    debugger-linecache (1.2.0)
    diff-lcs (1.3)
    domain_name (0.5.20161129)
      unf (>= 0.0.5, < 1.0.0)
    dotenv (2.0.1)
    dotenv-rails (2.0.1)
      dotenv (= 2.0.1)
    email_validator (1.6.0)
      activemodel
    erubi (1.6.0)
    execjs (2.7.0)
    factory_girl (4.8.0)
      activesupport (>= 3.0.0)
    factory_girl_rails (4.8.0)
      factory_girl (~> 4.8.0)
      railties (>= 3.0.0)
    faraday (0.9.2)
      multipart-post (>= 1.2, < 3)
    font-awesome-rails (4.7.0.1)
      railties (>= 3.2, < 5.1)
    foreman (0.78.0)
      thor (~> 0.19.1)
    globalid (0.3.7)
      activesupport (>= 4.1.0)
    haml (5.0.0.beta.2)
      temple (>= 0.8.0)
      tilt
    haml-rails (0.5.3)
      actionpack (>= 4.0.1)
      activesupport (>= 4.0.1)
      haml (>= 3.1, < 5.0)
      railties (>= 4.0.1)
    hashdiff (0.3.0)
    hashie (3.4.6)
    high_voltage (3.0.0)
    http-cookie (1.0.3)
      domain_name (~> 0.5)
    i18n (0.8.1)
    inifile (3.0.0)
    jquery-rails (4.2.1)
      rails-dom-testing (>= 1, < 3)
      railties (>= 4.2.0)
      thor (>= 0.14, < 2.0)
    json (2.0.2)
    jwt (1.5.6)
    kaminari (0.17.0)
      actionpack (>= 3.0.0)
      activesupport (>= 3.0.0)
    launchy (2.4.2)
      addressable (~> 2.3)
    loofah (2.0.3)
      nokogiri (>= 1.5.9)
    mail (2.6.4)
      mime-types (>= 1.16, < 4)
    method_source (0.8.2)
    mime-types (3.1)
      mime-types-data (~> 3.2015)
    mime-types-data (3.2016.0521)
    mini_portile2 (2.1.0)
    minitest (5.10.1)
    momentjs-rails (2.15.1)
      railties (>= 3.1)
    mono_logger (1.1.0)
    multi_json (1.12.1)
    multi_xml (0.6.0)
    multipart-post (2.0.0)
    mustermann (1.0.0.beta2)
    neat (1.8.0)
      sass (>= 3.3)
      thor (~> 0.19)
    netrc (0.11.0)
    nio4r (2.0.0)
    nokogiri (1.7.1)
      mini_portile2 (~> 2.1.0)
    normalize-rails (3.0.3)
    oauth2 (1.2.0)
      faraday (>= 0.8, < 0.10)
      jwt (~> 1.0)
      multi_json (~> 1.3)
      multi_xml (~> 0.5)
      rack (>= 1.2, < 3)
    octokit (4.7.0)
      sawyer (~> 0.8.0, >= 0.5.3)
    omniauth (1.3.1)
      hashie (>= 1.2, < 4)
      rack (>= 1.0, < 3)
    omniauth-github (1.1.2)
      omniauth (~> 1.0)
      omniauth-oauth2 (~> 1.1)
    omniauth-oauth2 (1.4.0)
      oauth2 (~> 1.0)
      omniauth (~> 1.2)
    pg (0.19.0)
    public_suffix (2.0.5)
    puma (3.4.0)
    rack (2.0.1)
    rack-protection (2.0.0.beta2)
      rack
    rack-test (0.6.3)
      rack (>= 1.0)
    rack-timeout (0.4.2)
    rails (5.1.0.rc1)
      actioncable (= 5.1.0.rc1)
      actionmailer (= 5.1.0.rc1)
      actionpack (= 5.1.0.rc1)
      actionview (= 5.1.0.rc1)
      activejob (= 5.1.0.rc1)
      activemodel (= 5.1.0.rc1)
      activerecord (= 5.1.0.rc1)
      activesupport (= 5.1.0.rc1)
      bundler (>= 1.3.0, < 2.0)
      railties (= 5.1.0.rc1)
      sprockets-rails (>= 2.0.0)
    rails-assets-classnames (2.2.5)
    rails-assets-es5-shim (4.5.9)
    rails-assets-lodash (4.13.1)
    rails-dom-testing (2.0.2)
      activesupport (>= 4.2.0, < 6.0)
      nokogiri (~> 1.6)
    rails-html-sanitizer (1.0.3)
      loofah (~> 2.0)
    rails_12factor (0.0.2)
      rails_serve_static_assets
      rails_stdout_logging
    rails_serve_static_assets (0.0.4)
    rails_stdout_logging (0.0.3)
    railties (5.1.0.rc1)
      actionpack (= 5.1.0.rc1)
      activesupport (= 5.1.0.rc1)
      method_source
      rake (>= 0.8.7)
      thor (>= 0.18.1, < 2.0)
    rake (12.0.0)
    react-rails (1.9.0)
      babel-transpiler (>= 0.7.0)
      coffee-script-source (~> 1.8)
      connection_pool
      execjs
      railties (>= 3.2)
      tilt
    record_tag_helper (1.0.0)
      actionview (~> 5.x)
    redis (3.3.2)
    redis-namespace (1.5.2)
      redis (~> 3.0, >= 3.0.4)
    resque (1.26.0)
      mono_logger (~> 1.0)
      multi_json (~> 1.0)
      redis-namespace (~> 1.3)
      sinatra (>= 0.9.2)
      vegas (~> 0.1.2)
    resque-scheduler (4.3.0)
      mono_logger (~> 1.0)
      redis (~> 3.3)
      resque (~> 1.26)
      rufus-scheduler (~> 3.2)
    resque-sentry (1.2.0)
      resque (>= 1.18.0)
      sentry-raven (>= 0.4.6)
    rest-client (2.0.0)
      http-cookie (>= 1.0.2, < 2.0)
      mime-types (>= 1.16, < 4.0)
      netrc (~> 0.8)
    rspec-core (3.6.0.beta2)
      rspec-support (= 3.6.0.beta2)
    rspec-expectations (3.6.0.beta2)
      diff-lcs (>= 1.2.0, < 2.0)
      rspec-support (= 3.6.0.beta2)
    rspec-mocks (3.6.0.beta2)
      diff-lcs (>= 1.2.0, < 2.0)
      rspec-support (= 3.6.0.beta2)
    rspec-support (3.6.0.beta2)
    rufus-scheduler (3.3.1)
      tzinfo
    safe_yaml (1.0.4)
    sass (3.4.22)
    sass-rails (5.0.6)
      railties (>= 4.0.0, < 6)
      sass (~> 3.1)
      sprockets (>= 2.8, < 4.0)
      sprockets-rails (>= 2.0, < 4.0)
      tilt (>= 1.1, < 3)
    sawyer (0.8.1)
      addressable (>= 2.3.5, < 2.6)
      faraday (~> 0.8, < 1.0)
    selectize-rails (0.12.4)
    sentry-raven (2.2.0)
      faraday (>= 0.7.6, < 1.0)
    shoulda-matchers (2.6.2)
      activesupport (>= 3.0.0)
    simple-random (1.0.3)
    sinatra (2.0.0.beta2)
      mustermann (= 1.0.0.beta2)
      rack (~> 2.0)
      rack-protection (= 2.0.0.beta2)
      tilt (~> 2.0)
    split (2.2.0)
      redis (>= 2.1)
      simple-random (>= 0.9.3)
      sinatra (>= 1.2.6)
    sprockets (3.7.1)
      concurrent-ruby (~> 1.0)
      rack (> 1, < 3)
    sprockets-rails (3.2.0)
      actionpack (>= 4.0)
      activesupport (>= 4.0)
      sprockets (>= 3.0.0)
    stripe (1.57.1)
      rest-client (>= 1.4, < 4.0)
    temple (0.8.0)
    thor (0.19.1)
    thread_safe (0.3.6)
    tilt (2.0.7)
    tzinfo (1.2.3)
      thread_safe (~> 0.1)
    uglifier (2.7.2)
      execjs (>= 0.3.0)
      json (>= 1.8.0)
    unf (0.1.4)
      unf_ext
    unf_ext (0.0.7.2)
    vegas (0.1.11)
      rack (>= 1.0.0)
    webmock (2.1.0)
      addressable (>= 2.3.6)
      crack (>= 0.3.2)
      hashdiff
    websocket-driver (0.6.5)
      websocket-extensions (>= 0.1.0)
    websocket-extensions (0.1.2)
    xpath (2.0.0)
      nokogiri (~> 1.3)

PLATFORMS
  ruby

DEPENDENCIES
  active_model_serializers (= 0.9.5)
  administrate (>= 0.2.0)
  analytics-ruby (~> 2.0.0)
  attr_extras
  autoprefixer-rails
  bourbon
  bundler-audit
  byebug
  capybara (>= 2.4.0)
  capybara-webkit (~> 1.6)
  coffee-rails
  database_cleaner!
  dotenv-rails
  email_validator
  factory_girl_rails
  faraday
  font-awesome-rails
  foreman
  haml (= 5.0.0.beta.2)
  haml-rails
  high_voltage
  inifile
  jquery-rails (>= 4.2.0)
  launchy
  neat
  normalize-rails
  octokit
  omniauth-github
  paranoia!
  pg
  puma
  rack-timeout
  rails (= 5.1.0.rc1)
  rails-assets-classnames!
  rails-assets-es5-shim!
  rails-assets-lodash!
  rails_12factor
  react-rails
  record_tag_helper
  resque (>= 1.25.0)
  resque-scheduler
  resque-sentry
  rest-client (>= 1.8.0)
  rspec-rails!
  sass-rails
  sentry-raven (>= 0.12.2)
  shoulda-matchers
  sinatra (= 2.0.0.beta2)
  split
  stripe
  thor (= 0.19.1)
  uglifier (>= 2.7.2)
  webmock

RUBY VERSION
   ruby 2.3.1p112

BUNDLED WITH
   1.14.6
