PATH
  remote: .
  specs:
    capybara-webkit (1.5.2)
      capybara (>= 2.3.0, < 2.5.0)
      json

GEM
  remote: https://rubygems.org/
  specs:
    addressable (2.3.6)
    appraisal (0.4.0)
      bundler
      rake
    capybara (2.4.4)
      mime-types (>= 1.16)
      nokogiri (>= 1.3.3)
      rack (>= 1.0.0)
      rack-test (>= 0.5.4)
      xpath (~> 2.0)
    childprocess (0.5.5)
      ffi (~> 1.0, >= 1.0.11)
    diff-lcs (1.2.4)
    ffi (1.9.8)
    ffi (1.9.8-java)
    ffi (1.9.8-x86-mingw32)
    json (1.8.2)
    launchy (2.4.2)
      addressable (~> 2.3)
    launchy (2.4.2-java)
      addressable (~> 2.3)
      spoon (~> 0.0.1)
    mime-types (2.5)
    mini_magick (3.2.1)
      subexec (~> 0.0.4)
    mini_portile (0.6.2)
    multi_json (1.11.0)
    nokogiri (1.6.6.2)
      mini_portile (~> 0.6.0)
    rack (1.5.2)
    rack-protection (1.3.2)
      rack
    rack-test (0.6.3)
      rack (>= 1.0)
    rake (0.9.2)
    rspec (2.14.1)
      rspec-core (~> 2.14.0)
      rspec-expectations (~> 2.14.0)
      rspec-mocks (~> 2.14.0)
    rspec-core (2.14.4)
    rspec-expectations (2.14.1)
      diff-lcs (>= 1.1.3, < 2.0)
    rspec-mocks (2.14.3)
    rubyzip (1.1.7)
    selenium-webdriver (2.45.0)
      childprocess (~> 0.5)
      multi_json (~> 1.0)
      rubyzip (~> 1.0)
      websocket (~> 1.0)
    sinatra (1.3.5)
      rack (~> 1.4)
      rack-protection (~> 1.3)
      tilt (~> 1.3, >= 1.3.3)
    spoon (0.0.4)
      ffi
    subexec (0.0.4)
    tilt (1.3.3)
    websocket (1.2.1)
    xpath (2.0.0)
      nokogiri (~> 1.3)

PLATFORMS
  java
  ruby
  x86-mingw32

DEPENDENCIES
  appraisal (~> 0.4.0)
  capybara-webkit!
  launchy
  mini_magick
  rake
  rspec (~> 2.14.0)
  selenium-webdriver
  sinatra
